GEM
  remote: https://rubygems.org/
  specs:
    ansi (1.4.3)
    braise (1.0.0)
      ansi

PLATFORMS
  ruby

DEPENDENCIES
  braise
